GEM
  remote: https://rubygems.org/
  specs:
    awesome_print (1.6.1)
    coderay (1.1.0)
    descriptive_statistics (2.5.1)
    json (1.8.3)
    method_source (0.8.2)
    pry (0.10.2)
      coderay (~> 1.1.0)
      method_source (~> 0.8.1)
      slop (~> 3.4)
    slop (3.6.0)
    sparkr (0.4.1)

PLATFORMS
  ruby

DEPENDENCIES
  awesome_print
  descriptive_statistics
  json
  pry
  sparkr

BUNDLED WITH
   1.10.6
